GEM
  remote: https://rubygems.org/
  specs:
    coderay (1.1.3)
    date (2.0.0)
    did_you_mean (1.4.0)
    diff-lcs (1.4.4)
    etc (1.1.0)
    fileutils (1.4.1)
    forwardable (1.2.0)
    ipaddr (1.2.2)
    json (2.3.1)
    method_source (1.0.0)
    mini_portile2 (2.4.0)
    nokogiri (1.10.10)
      mini_portile2 (~> 2.4.0)
    openssl (2.1.2)
    pry (0.13.1)
      coderay (~> 1.1)
      method_source (~> 1.0)
    rspec (3.9.0)
      rspec-core (~> 3.9.0)
      rspec-expectations (~> 3.9.0)
      rspec-mocks (~> 3.9.0)
    rspec-core (3.9.2)
      rspec-support (~> 3.9.3)
    rspec-expectations (3.9.2)
      diff-lcs (>= 1.2.0, < 2.0)
      rspec-support (~> 3.9.0)
    rspec-mocks (3.9.1)
      diff-lcs (>= 1.2.0, < 2.0)
      rspec-support (~> 3.9.0)
    rspec-support (3.9.3)
    stringio (0.0.2)
    strscan (1.0.3)
    w3c_validators (1.3.5)
      json (>= 1.8)
      nokogiri (~> 1.6)
    zlib (1.1.0)

PLATFORMS
  ruby

DEPENDENCIES
  date (~> 2.0)
  did_you_mean (~> 1.4)
  etc (~> 1.1)
  fileutils (~> 1.4, >= 1.4.1)
  forwardable (~> 1.2)
  ipaddr (~> 1.2, >= 1.2.2)
  nokogiri
  openssl (~> 2.1, >= 2.1.2)
  pry
  rspec
  stringio (~> 0.0.2)
  strscan (~> 1.0, >= 1.0.3)
  w3c_validators
  zlib (~> 1.1)

BUNDLED WITH
   1.16.1
